GEM
  remote: https://rubygems.org/
  specs:
    cinch (2.0.9)
    configru (3.2.0)
    ffi (1.9.0)
    ffi-aspell (0.0.3)
      ffi (>= 1.0.11)

PLATFORMS
  ruby

DEPENDENCIES
  cinch (~> 2.0.0)
  configru (~> 3.2.0)
  ffi-aspell
