GIT
  remote: https://github.com/cinchrb/cinch.git
  revision: a47bd7c41c501f3efb7d3d0ebd6da65fd9ea682d
  specs:
    cinch (2.0.10)

GIT
  remote: https://github.com/programble/wunderground.git
  revision: e1647d7930e6432b2a8903d50ab595834f25693b
  branch: uri-encode
  specs:
    wunderground (1.1.0)
      addressable
      httparty (> 0.6.0)
      json (> 1.4.0)

GEM
  remote: https://rubygems.org/
  specs:
    activesupport (4.0.2)
      i18n (~> 0.6, >= 0.6.4)
      minitest (~> 4.2)
      multi_json (~> 1.3)
      thread_safe (~> 0.1)
      tzinfo (~> 0.3.37)
    addressable (2.3.5)
    atomic (1.1.14)
    buftok (0.1)
    cinch-basic_ctcp (1.0.2)
      cinch (~> 2.0)
    cinch-identify (1.5.1)
      cinch (~> 2.0)
    configru (3.6.0)
    faraday (0.8.8)
      multipart-post (~> 1.2.0)
    fastimage (1.5.4)
      addressable (~> 2.3, >= 2.3.5)
    ffi (1.9.3)
    ffi-aspell (0.0.3)
      ffi (>= 1.0.11)
    ffi-hunspell (0.3.0)
      ffi (~> 1.0)
    forecast_io (2.0.0)
      faraday
      hashie
      multi_json
    hashie (2.0.5)
    htmlentities (4.3.1)
    http (0.5.0)
      http_parser.rb
    http_parser.rb (0.5.3)
    httparty (0.12.0)
      json (~> 1.8)
      multi_xml (>= 0.5.2)
    i18n (0.6.9)
    json (1.8.1)
    lastfm (1.21.0)
      activesupport (>= 3.2.0)
      httparty
      xml-simple
    mini_portile (0.5.2)
    minitest (4.7.5)
    multi_json (1.8.2)
    multi_xml (0.5.5)
    multipart-post (1.2.0)
    nokogiri (1.6.0)
      mini_portile (~> 0.5.0)
    octokit (2.4.0)
      sawyer (~> 0.5.1)
    pkgwat (0.1.4)
      json (~> 1.4)
      nokogiri (~> 1.4)
      rake
      sanitize
      thor
    promise (0.2.1)
    rake (10.1.0)
    redis (3.0.6)
    sanitize (2.0.6)
      nokogiri (>= 1.4.4)
    sawyer (0.5.1)
      addressable (~> 2.3.5)
      faraday (~> 0.8, < 0.10)
    simple_oauth (0.2.0)
    thor (0.18.1)
    thread_safe (0.1.3)
      atomic
    time-lord (1.0.1)
    twitter (5.0.0.rc.1)
      buftok (~> 0.1.0)
      faraday (>= 0.8, < 0.10)
      http (>= 0.5.0.pre2, < 0.6)
      http_parser.rb (~> 0.5.0)
      json (~> 1.8)
      simple_oauth (~> 0.2.0)
    tzinfo (0.3.38)
    unicode_utils (1.4.0)
    xml-simple (1.1.2)

PLATFORMS
  ruby

DEPENDENCIES
  cinch!
  cinch-basic_ctcp (~> 1.0.0)
  cinch-identify (~> 1.5.0)
  configru (~> 3.6.0)
  fastimage (~> 1.5.0)
  ffi-aspell (~> 0.0.3)
  ffi-hunspell (~> 0.3.0)
  forecast_io (~> 2.0.0)
  htmlentities (~> 4.3.0)
  lastfm (~> 1.21.0)
  nokogiri (~> 1.6.0)
  octokit (~> 2.4.0)
  pkgwat (~> 0.1.4)
  promise (~> 0.2.0)
  redis (~> 3.0.0)
  time-lord (~> 1.0.0)
  twitter (= 5.0.0.rc.1)
  unicode_utils (~> 1.4.0)
  wunderground!
