GEM
  remote: https://rubygems.org/
  specs:
    cinch (2.0.9)
    cinch-basic_ctcp (1.0.2)
      cinch (~> 2.0)
    cinch-identify (1.4.1)
      cinch (~> 2.0)
    configru (3.2.0)
    ffi (1.9.0)
    ffi-aspell (0.0.3)
      ffi (>= 1.0.11)

PLATFORMS
  ruby

DEPENDENCIES
  cinch (~> 2.0.0)
  cinch-basic_ctcp (~> 1.0.0)
  cinch-identify (~> 1.4.0)
  configru (~> 3.2.0)
  ffi-aspell
