GIT
  remote: https://github.com/programble/ruby-lastfm.git
  revision: 52c53741a63938e35f74098958f0679922c8a67c
  branch: lastirc
  specs:
    lastfm (1.9.0)
      activesupport (>= 3.0.3)
      httparty
      xml-simple

GEM
  remote: https://rubygems.org/
  specs:
    activesupport (4.0.0)
      i18n (~> 0.6, >= 0.6.4)
      minitest (~> 4.2)
      multi_json (~> 1.3)
      thread_safe (~> 0.1)
      tzinfo (~> 0.3.37)
    atomic (1.1.14)
    cinch (2.0.9)
    cinch-basic_ctcp (1.0.2)
      cinch (~> 2.0)
    cinch-identify (1.5.0)
      cinch (~> 2.0)
    configru (3.3.0)
    ffi (1.9.0)
    ffi-aspell (0.0.3)
      ffi (>= 1.0.11)
    ffi-hunspell (0.3.0)
      ffi (~> 1.0)
    httparty (0.11.0)
      multi_json (~> 1.0)
      multi_xml (>= 0.5.2)
    i18n (0.6.5)
    minitest (4.7.5)
    multi_json (1.8.0)
    multi_xml (0.5.5)
    promise (0.2.1)
    thread_safe (0.1.3)
      atomic
    time-lord (1.0.1)
    tzinfo (0.3.37)
    xml-simple (1.1.2)

PLATFORMS
  ruby

DEPENDENCIES
  cinch (~> 2.0.0)
  cinch-basic_ctcp (~> 1.0.0)
  cinch-identify (~> 1.5.0)
  configru (~> 3.3.0)
  ffi-aspell (~> 0.0.3)
  ffi-hunspell (~> 0.3.0)
  lastfm!
  promise (~> 0.2.0)
  time-lord (~> 1.0.0)
