GIT
  remote: https://github.com/cinchrb/cinch.git
  revision: 44f22ca334d726dd271e3a2bc12917a9f4bc912d
  specs:
    cinch (2.0.12)

GIT
  remote: https://github.com/programble/wunderground.git
  revision: e1647d7930e6432b2a8903d50ab595834f25693b
  branch: uri-encode
  specs:
    wunderground (1.1.0)
      addressable
      httparty (> 0.6.0)
      json (> 1.4.0)

GEM
  remote: https://rubygems.org/
  specs:
    activesupport (4.0.2)
      i18n (~> 0.6, >= 0.6.4)
      minitest (~> 4.2)
      multi_json (~> 1.3)
      thread_safe (~> 0.1)
      tzinfo (~> 0.3.37)
    addressable (2.3.5)
    akami (1.2.1)
      gyoku (>= 0.4.0)
      nokogiri
    atomic (1.1.14)
    bing_translator (4.3.0)
      json (~> 1.8.0)
      nokogiri (~> 1.6.0)
      savon (~> 2.0)
    buftok (0.2.0)
    builder (3.2.2)
    cinch-basic_ctcp (1.0.2)
      cinch (~> 2.0)
    cinch-identify (1.5.1)
      cinch (~> 2.0)
    configru (3.6.0)
    descendants_tracker (0.0.3)
    equalizer (0.0.9)
    faraday (0.9.0)
      multipart-post (>= 1.2, < 3)
    fastimage (1.6.0)
      addressable (~> 2.3, >= 2.3.5)
    ffi (1.9.3)
    ffi-aspell (0.0.3)
      ffi (>= 1.0.11)
    ffi-hunspell (0.3.0)
      ffi (~> 1.0)
    forecast_io (2.0.0)
      faraday
      hashie
      multi_json
    gyoku (1.1.1)
      builder (>= 2.1.2)
    hashie (2.0.5)
    htmlentities (4.3.1)
    http (0.5.0)
      http_parser.rb
    http_parser.rb (0.6.0)
    httparty (0.12.0)
      json (~> 1.8)
      multi_xml (>= 0.5.2)
    httpi (2.1.0)
      rack
      rubyntlm (~> 0.3.2)
    i18n (0.6.9)
    json (1.8.1)
    lastfm (1.23.0)
      activesupport (>= 3.2.0)
      httparty
      xml-simple
    memoizable (0.4.0)
      thread_safe (~> 0.1.3)
    mime-types (1.25.1)
    mini_portile (0.5.2)
    minitest (4.7.5)
    multi_json (1.8.4)
    multi_xml (0.5.5)
    multipart-post (2.0.0)
    naught (1.0.0)
    nokogiri (1.6.1)
      mini_portile (~> 0.5.0)
    nori (2.3.0)
    octokit (2.4.0)
      sawyer (~> 0.5.1)
    pkgwat (0.1.4)
      json (~> 1.4)
      nokogiri (~> 1.4)
      rake
      sanitize
      thor
    promise (0.2.1)
    rack (1.5.2)
    rake (10.1.1)
    redis (3.0.7)
    rubyntlm (0.3.4)
    sanitize (2.1.0)
      nokogiri (>= 1.4.4)
    savon (2.3.3)
      akami (~> 1.2.0)
      builder (>= 2.1.2)
      gyoku (~> 1.1.0)
      httpi (~> 2.1.0)
      nokogiri (>= 1.4.0)
      nori (~> 2.3.0)
      wasabi (~> 3.2.2)
    sawyer (0.5.3)
      addressable (~> 2.3.5)
      faraday (~> 0.8, < 0.10)
    simple_oauth (0.2.0)
    thor (0.18.1)
    thread_safe (0.1.3)
      atomic
    time-lord (1.0.1)
    twitter (5.6.0)
      addressable (~> 2.3)
      buftok (~> 0.2.0)
      descendants_tracker (~> 0.0.3)
      equalizer (~> 0.0.9)
      faraday (~> 0.9.0)
      http (~> 0.5.0)
      http_parser.rb (~> 0.6.0)
      json (~> 1.8)
      memoizable (~> 0.4.0)
      naught (~> 1.0)
      simple_oauth (~> 0.2.0)
    tzinfo (0.3.38)
    unicode_utils (1.4.0)
    wasabi (3.2.3)
      httpi (~> 2.0)
      mime-types (< 2.0.0)
      nokogiri (>= 1.4.0)
    xml-simple (1.1.3)

PLATFORMS
  ruby

DEPENDENCIES
  bing_translator (~> 4.3.0)
  cinch!
  cinch-basic_ctcp (~> 1.0.0)
  cinch-identify (~> 1.5.0)
  configru (~> 3.6.0)
  fastimage (~> 1.6.0)
  ffi-aspell (~> 0.0.3)
  ffi-hunspell (~> 0.3.0)
  forecast_io (~> 2.0.0)
  htmlentities (~> 4.3.0)
  lastfm (~> 1.23.0)
  nokogiri (~> 1.6.0)
  octokit (~> 2.4.0)
  pkgwat (~> 0.1.4)
  promise (~> 0.2.0)
  redis (~> 3.0.0)
  time-lord (~> 1.0.0)
  twitter (~> 5.6.0)
  unicode_utils (~> 1.4.0)
  wunderground!
