GIT
  remote: https://github.com/cinchrb/cinch.git
  revision: 9a2b3062f03fc839f8a488e9c9928bf4da9594ed
  specs:
    cinch (2.0.9)

GEM
  remote: https://rubygems.org/
  specs:
    activesupport (4.0.0)
      i18n (~> 0.6, >= 0.6.4)
      minitest (~> 4.2)
      multi_json (~> 1.3)
      thread_safe (~> 0.1)
      tzinfo (~> 0.3.37)
    atomic (1.1.14)
    cinch-basic_ctcp (1.0.2)
      cinch (~> 2.0)
    cinch-identify (1.5.0)
      cinch (~> 2.0)
    configru (3.3.0)
    fastimage (1.5.2)
    ffi (1.9.0)
    ffi-aspell (0.0.3)
      ffi (>= 1.0.11)
    ffi-hunspell (0.3.0)
      ffi (~> 1.0)
    httparty (0.11.0)
      multi_json (~> 1.0)
      multi_xml (>= 0.5.2)
    i18n (0.6.5)
    lastfm (1.21.0)
      activesupport (>= 3.2.0)
      httparty
      xml-simple
    minitest (4.7.5)
    multi_json (1.8.1)
    multi_xml (0.5.5)
    promise (0.2.1)
    thread_safe (0.1.3)
      atomic
    time-lord (1.0.1)
    tzinfo (0.3.37)
    xml-simple (1.1.2)

PLATFORMS
  ruby

DEPENDENCIES
  cinch!
  cinch-basic_ctcp (~> 1.0.0)
  cinch-identify (~> 1.5.0)
  configru (~> 3.3.0)
  fastimage (~> 1.5.0)
  ffi-aspell (~> 0.0.3)
  ffi-hunspell (~> 0.3.0)
  lastfm (~> 1.21.0)
  promise (~> 0.2.0)
  time-lord (~> 1.0.0)
